PATH
  remote: .
  specs:
    rspec-crampy (0.1.3)
      eventmachine (~> 1.0.0)
      http_router (>= 0.11)
      rack (~> 1.3)
      rspec (~> 2.6)

GEM
  remote: http://rubygems.org/
  specs:
    activesupport (3.2.16)
      i18n (~> 0.6, >= 0.6.4)
      multi_json (~> 1.0)
    crampy (0.15.4)
      activesupport (~> 3.2)
      eventmachine (~> 1.0)
      faye-websocket (~> 0.3)
      rack (~> 1.3)
      thor (~> 0.14)
    diff-lcs (1.1.3)
    eventmachine (1.0.3)
    faye-websocket (0.7.2)
      eventmachine (>= 0.12.0)
      websocket-driver (>= 0.3.1)
    http_router (0.11.0)
      rack (>= 1.0.0)
      url_mount (~> 0.2.1)
    i18n (0.6.9)
    multi_json (1.8.4)
    rack (1.3.8)
    rspec (2.12.0)
      rspec-core (~> 2.12.0)
      rspec-expectations (~> 2.12.0)
      rspec-mocks (~> 2.12.0)
    rspec-core (2.12.2)
    rspec-expectations (2.12.1)
      diff-lcs (~> 1.1.3)
    rspec-mocks (2.12.1)
    thor (0.18.1)
    url_mount (0.2.1)
      rack
    websocket-driver (0.3.2)

PLATFORMS
  ruby

DEPENDENCIES
  crampy
  http_router (>= 0.11)
  rspec
  rspec-crampy!
