PATH
  remote: .
  specs:
    rspec-cramp (0.1.1)
      cramp (~> 0.15)
      eventmachine (~> 1.0.0.beta.3)
      http_router (>= 0.11)
      rack (~> 1.3.2)
      rspec (~> 2.6)

GEM
  remote: http://rubygems.org/
  specs:
    activesupport (3.0.18)
    cramp (0.15.1)
      activesupport (~> 3.0.9)
      eventmachine (~> 1.0.0.beta.3)
      rack (~> 1.3.2)
      thor (~> 0.14.6)
    diff-lcs (1.1.3)
    eventmachine (1.0.0)
    http_router (0.11.0)
      rack (>= 1.0.0)
      url_mount (~> 0.2.1)
    rack (1.3.8)
    rspec (2.12.0)
      rspec-core (~> 2.12.0)
      rspec-expectations (~> 2.12.0)
      rspec-mocks (~> 2.12.0)
    rspec-core (2.12.2)
    rspec-expectations (2.12.1)
      diff-lcs (~> 1.1.3)
    rspec-mocks (2.12.1)
    thor (0.14.6)
    url_mount (0.2.1)
      rack

PLATFORMS
  ruby

DEPENDENCIES
  cramp
  http_router (>= 0.11)
  rspec
  rspec-cramp!
